GEM
  remote: https://rubygems.org/
  remote: https://packagecloud.io/heroku/gemgate/
  specs:
    activesupport (5.1.2)
      concurrent-ruby (~> 1.0, >= 1.0.2)
      i18n (~> 0.7)
      minitest (~> 5.1)
      tzinfo (~> 1.1)
    addressable (2.5.1)
      public_suffix (~> 2.0, >= 2.0.2)
    backports (3.8.0)
    blacklist_hash (1.0.0)
    byebug (9.0.6)
    clockwork (2.0.2)
      activesupport
      tzinfo
    coderay (1.1.1)
    committee (1.15.0)
      json_schema (~> 0.6, >= 0.6.1)
      rack (>= 1.5)
    concurrent-ruby (1.0.5)
    connection_pool (2.2.1)
    crack (0.4.3)
      safe_yaml (~> 1.0.0)
    database_cleaner (1.6.1)
    diff-lcs (1.3)
    dotenv (2.2.1)
    erubis (2.7.0)
    excon (0.57.1)
    fabrication (2.16.1)
    faker (1.8.4)
      i18n (~> 0.5)
    ffi (1.9.18)
    foreman (0.84.0)
      thor (~> 0.19.1)
    formatador (0.2.5)
    guard (2.14.1)
      formatador (>= 0.2.4)
      listen (>= 2.7, < 4.0)
      lumberjack (~> 1.0)
      nenv (~> 0.1)
      notiffany (~> 0.0)
      pry (>= 0.9.12)
      shellany (~> 0.0)
      thor (>= 0.18.1)
    guard-compat (1.2.1)
    guard-rspec (4.7.3)
      guard (~> 2.1)
      guard-compat (~> 1.1)
      rspec (>= 2.99.0, < 4.0)
    hashdiff (0.3.4)
    http_accept (0.1.6)
    i18n (0.8.6)
    json_schema (0.16.1)
    listen (3.1.5)
      rb-fsevent (~> 0.9, >= 0.9.4)
      rb-inotify (~> 0.9, >= 0.9.7)
      ruby_dep (~> 1.2)
    lumberjack (1.0.12)
    mail (2.6.6)
      mime-types (>= 1.16, < 4)
    method_source (0.8.2)
    mime-types (3.1)
      mime-types-data (~> 3.2015)
    mime-types-data (3.2016.0521)
    minitest (5.10.3)
    multi_json (1.12.1)
    nenv (0.3.0)
    notiffany (0.1.1)
      nenv (~> 0.1)
      shellany (~> 0.0)
    oj (3.3.2)
    pg (0.21.0)
    pliny (0.25.1)
      activesupport (~> 5.0, >= 5.0.1)
      http_accept (~> 0.1, >= 0.1.5)
      multi_json (~> 1.9, >= 1.9.3)
      prmd (~> 0.11, >= 0.11.4)
      sinatra (~> 1.4, >= 1.4.7)
      sinatra-router (~> 0.2, >= 0.2.3)
      thor (~> 0.19, >= 0.19.1)
    prmd (0.13.0)
      erubis (~> 2.7)
      json_schema (~> 0.3, >= 0.3.1)
    pry (0.10.4)
      coderay (~> 1.1.0)
      method_source (~> 0.8.1)
      slop (~> 3.4)
    pry-byebug (3.4.2)
      byebug (~> 9.0)
      pry (~> 0.10)
    pry-doc (0.10.0)
      pry (~> 0.9)
      yard (~> 0.9)
    public_suffix (2.0.5)
    puma (3.11.3)
    rack (1.6.10)
    rack-protection (1.5.5)
      rack
    rack-ssl (1.4.1)
      rack
    rack-test (0.7.0)
      rack (>= 1.0, < 3)
    rack-timeout (0.4.2)
    rake (12.0.0)
    rb-fsevent (0.10.2)
    rb-inotify (0.9.10)
      ffi (>= 0.5.0, < 2)
    redcarpet (3.4.0)
    redis (3.3.3)
    rollbar (2.15.0)
      multi_json
    rollbar-blanket (0.1.9)
    rspec (3.6.0)
      rspec-core (~> 3.6.0)
      rspec-expectations (~> 3.6.0)
      rspec-mocks (~> 3.6.0)
    rspec-core (3.6.0)
      rspec-support (~> 3.6.0)
    rspec-expectations (3.6.0)
      diff-lcs (>= 1.2.0, < 2.0)
      rspec-support (~> 3.6.0)
    rspec-mocks (3.6.0)
      diff-lcs (>= 1.2.0, < 2.0)
      rspec-support (~> 3.6.0)
    rspec-support (3.6.0)
    ruby_dep (1.5.0)
    safe_yaml (1.0.4)
    sequel (4.48.0)
    sequel-paranoid (0.7.0)
      sequel
    sequel_pg (1.7.0)
      pg (>= 0.8.0)
      sequel (>= 4.0.0)
    shellany (0.0.1)
    sidekiq (5.0.4)
      concurrent-ruby (~> 1.0)
      connection_pool (~> 2.2, >= 2.2.0)
      rack-protection (>= 1.5.0)
      redis (~> 3.3, >= 3.3.3)
    sinatra (1.4.8)
      rack (~> 1.5)
      rack-protection (~> 1.4)
      tilt (>= 1.3, < 3)
    sinatra-contrib (1.4.7)
      backports (>= 2.0)
      multi_json
      rack-protection
      rack-test
      sinatra (~> 1.4.0)
      tilt (>= 1.3, < 3)
    sinatra-router (0.2.4)
      sinatra (>= 1.4, < 3.0)
    slop (3.6.0)
    sucker_punch (2.0.2)
      concurrent-ruby (~> 1.0.0)
    thor (0.19.4)
    thread_safe (0.3.6)
    tilt (2.0.8)
    tzinfo (1.2.3)
      thread_safe (~> 0.1)
    webmock (1.24.6)
      addressable (>= 2.3.6)
      crack (>= 0.3.2)
      hashdiff
    yard (0.9.12)

PLATFORMS
  ruby

DEPENDENCIES
  blacklist_hash (~> 1.0.0)!
  clockwork
  committee
  database_cleaner
  dotenv
  erubis
  excon
  fabrication
  faker
  foreman
  guard-rspec
  mail
  multi_json
  oj
  pg
  pliny (~> 0.16)
  pry
  pry-byebug
  pry-doc
  puma (~> 3.11)
  rack-ssl
  rack-test
  rack-timeout (~> 0.4)
  rake
  redcarpet
  rollbar
  rollbar-blanket (~> 0.1.9)!
  rspec
  sequel (~> 4.30)
  sequel-paranoid
  sequel_pg
  sidekiq
  sinatra (~> 1.4)
  sinatra-contrib
  sinatra-router
  sucker_punch
  webmock (~> 1.21)

RUBY VERSION
   ruby 2.4.4p296

BUNDLED WITH
   1.16.1
